PATH
  remote: .
  specs:
    rack-throttle (0.3.0)
      rack (>= 1.0.0)

GEM
  remote: http://rubygems.org/
  specs:
    rack (1.6.13)
    rack-test (0.5.3)
      rack (>= 1.0)
    rspec (1.3.0)
    timecop (0.3.4)
    yard (0.6.8)

PLATFORMS
  ruby

DEPENDENCIES
  rack-test (= 0.5.3)
  rack-throttle!
  rspec (= 1.3.0)
  timecop (= 0.3.4)
  yard (>= 0.5.5)
